GEM
  remote: https://rubygems.org/
  specs:
    activemodel (7.2.2.1)
      activesupport (= 7.2.2.1)
    activerecord (7.2.2.1)
      activemodel (= 7.2.2.1)
      activesupport (= 7.2.2.1)
      timeout (>= 0.4.0)
    activesupport (7.2.2.1)
      base64
      benchmark (>= 0.3)
      bigdecimal
      concurrent-ruby (~> 1.0, >= 1.3.1)
      connection_pool (>= 2.2.5)
      drb
      i18n (>= 1.6, < 2)
      logger (>= 1.4.2)
      minitest (>= 5.1)
      securerandom (>= 0.3)
      tzinfo (~> 2.0, >= 2.0.5)
    base64 (0.2.0)
    benchmark (0.4.0)
    bigdecimal (3.1.9)
    colorize (0.8.1)
    concurrent-ruby (1.3.5)
    connection_pool (2.5.0)
    date (3.4.1)
    drb (2.2.1)
    highline (3.1.2)
      reline
    i18n (1.14.7)
      concurrent-ruby (~> 1.0)
    io-console (0.8.0)
    logger (1.7.0)
    minitest (5.25.5)
    options (2.3.2)
    pg (1.5.9)
    progress_bar (1.3.4)
      highline (>= 1.6)
      options (~> 2.3.0)
    reline (0.6.1)
      io-console (~> 0.5)
    securerandom (0.4.1)
    sequel (5.91.0)
      bigdecimal
    sqlite3 (1.7.3-aarch64-linux)
    sqlite3 (1.7.3-arm-linux)
    sqlite3 (1.7.3-arm64-darwin)
    sqlite3 (1.7.3-x86-linux)
    sqlite3 (1.7.3-x86_64-darwin)
    sqlite3 (1.7.3-x86_64-linux)
    terminal-table (3.0.2)
      unicode-display_width (>= 1.1.1, < 3)
    time (0.4.1)
      date
    timeout (0.4.3)
    tzinfo (2.0.6)
      concurrent-ruby (~> 1.0)
    unicode-display_width (2.6.0)

PLATFORMS
  aarch64-linux
  arm-linux
  arm64-darwin
  x86-linux
  x86_64-darwin
  x86_64-linux

DEPENDENCIES
  activerecord (~> 7.0)
  colorize (~> 0.8)
  pg (~> 1.5)
  progress_bar (~> 1.3)
  sequel (~> 5.74)
  sqlite3 (~> 1.6)
  terminal-table (~> 3.0)
  time

BUNDLED WITH
   2.6.5
